GEM
  remote: https://rubygems.org/
  specs:
    actioncable (7.0.3)
      actionpack (= 7.0.3)
      activesupport (= 7.0.3)
      nio4r (~> 2.0)
      websocket-driver (>= 0.6.1)
    actionmailbox (7.0.3)
      actionpack (= 7.0.3)
      activejob (= 7.0.3)
      activerecord (= 7.0.3)
      activestorage (= 7.0.3)
      activesupport (= 7.0.3)
      mail (>= 2.7.1)
      net-imap
      net-pop
      net-smtp
    actionmailer (7.0.3)
      actionpack (= 7.0.3)
      actionview (= 7.0.3)
      activejob (= 7.0.3)
      activesupport (= 7.0.3)
      mail (~> 2.5, >= 2.5.4)
      net-imap
      net-pop
      net-smtp
      rails-dom-testing (~> 2.0)
    actionpack (7.0.3)
      actionview (= 7.0.3)
      activesupport (= 7.0.3)
      rack (~> 2.0, >= 2.2.0)
      rack-test (>= 0.6.3)
      rails-dom-testing (~> 2.0)
      rails-html-sanitizer (~> 1.0, >= 1.2.0)
    actiontext (7.0.3)
      actionpack (= 7.0.3)
      activerecord (= 7.0.3)
      activestorage (= 7.0.3)
      activesupport (= 7.0.3)
      globalid (>= 0.6.0)
      nokogiri (>= 1.8.5)
    actionview (7.0.3)
      activesupport (= 7.0.3)
      builder (~> 3.1)
      erubi (~> 1.4)
      rails-dom-testing (~> 2.0)
      rails-html-sanitizer (~> 1.1, >= 1.2.0)
    active_model_serializers (0.10.13)
      actionpack (>= 4.1, < 7.1)
      activemodel (>= 4.1, < 7.1)
      case_transform (>= 0.2)
      jsonapi-renderer (>= 0.1.1.beta1, < 0.3)
    activejob (7.0.3)
      activesupport (= 7.0.3)
      globalid (>= 0.3.6)
    activemodel (7.0.3)
      activesupport (= 7.0.3)
    activerecord (7.0.3)
      activemodel (= 7.0.3)
      activesupport (= 7.0.3)
    activestorage (7.0.3)
      actionpack (= 7.0.3)
      activejob (= 7.0.3)
      activerecord (= 7.0.3)
      activesupport (= 7.0.3)
      marcel (~> 1.0)
      mini_mime (>= 1.1.0)
    activesupport (7.0.3)
      concurrent-ruby (~> 1.0, >= 1.0.2)
      i18n (>= 1.6, < 2)
      minitest (>= 5.1)
      tzinfo (~> 2.0)
    addressable (2.8.0)
      public_suffix (>= 2.0.2, < 5.0)
    babel-source (5.8.35)
    babel-transpiler (0.7.0)
      babel-source (>= 4.0, < 6)
      execjs (~> 2.0)
    bcrypt (3.1.18)
    bindex (0.8.1)
    builder (3.2.4)
    bullet (7.0.2)
      activesupport (>= 3.0.0)
      uniform_notifier (~> 1.11)
    capybara (3.37.1)
      addressable
      matrix
      mini_mime (>= 0.1.3)
      nokogiri (~> 1.8)
      rack (>= 1.6.0)
      rack-test (>= 0.6.3)
      regexp_parser (>= 1.5, < 3.0)
      xpath (~> 3.2)
    carrierwave (0.10.0)
      activemodel (>= 3.2.0)
      activesupport (>= 3.2.0)
      json (>= 1.7)
      mime-types (>= 1.16)
    carrierwave-crop (0.1.2)
      carrierwave (>= 0.8.0, < 0.11.0)
      jquery-rails
      rails (>= 3.2)
    case_transform (0.2)
      activesupport
    choice (0.2.0)
    coderay (1.1.3)
    coffee-rails (5.0.0)
      coffee-script (>= 2.2.0)
      railties (>= 5.2.0)
    coffee-script (2.4.1)
      coffee-script-source
      execjs
    coffee-script-source (1.12.2)
    concurrent-ruby (1.1.10)
    crass (1.0.6)
    devise (4.8.1)
      bcrypt (~> 3.0)
      orm_adapter (~> 0.1)
      railties (>= 4.1.0)
      responders
      warden (~> 1.2.3)
    diff-lcs (1.5.0)
    digest (3.1.0)
    dotenv (2.7.6)
    dotenv-rails (2.7.6)
      dotenv (= 2.7.6)
      railties (>= 3.2)
    erubi (1.10.0)
    erubis (2.7.0)
    excon (0.92.3)
    execjs (2.8.1)
    factory_girl (4.9.0)
      activesupport (>= 3.0.0)
    ffi (1.15.5)
    fog-aws (3.14.0)
      fog-core (~> 2.1)
      fog-json (~> 1.1)
      fog-xml (~> 0.1)
    fog-core (2.3.0)
      builder
      excon (~> 0.71)
      formatador (>= 0.2, < 2.0)
      mime-types
    fog-json (1.2.0)
      fog-core
      multi_json (~> 1.10)
    fog-xml (0.1.4)
      fog-core
      nokogiri (>= 1.5.11, < 2.0.0)
    formatador (1.1.0)
    foundation-rails (6.6.2.0)
      railties (>= 3.1.0)
      sass (>= 3.3.0)
      sprockets-es6 (>= 0.9.0)
    geocoder (1.8.0)
    globalid (1.0.0)
      activesupport (>= 5.0)
    haml (5.2.2)
      temple (>= 0.8.0)
      tilt
    haml-rails (2.0.1)
      actionpack (>= 5.1)
      activesupport (>= 5.1)
      haml (>= 4.0.6, < 6.0)
      html2haml (>= 1.0.1)
      railties (>= 5.1)
    hashie (5.0.0)
    html2haml (2.2.0)
      erubis (~> 2.7.0)
      haml (>= 4.0, < 6)
      nokogiri (>= 1.6.0)
      ruby_parser (~> 3.5)
    i18n (1.10.0)
      concurrent-ruby (~> 1.0)
    jquery-rails (4.5.0)
      rails-dom-testing (>= 1, < 3)
      railties (>= 4.2.0)
      thor (>= 0.14, < 2.0)
    jquery-tablesorter (1.27.2)
      railties (>= 3.2)
    json (2.6.2)
    jsonapi-renderer (0.2.2)
    launchy (2.5.0)
      addressable (~> 2.7)
    loofah (2.18.0)
      crass (~> 1.0.2)
      nokogiri (>= 1.5.9)
    mail (2.7.1)
      mini_mime (>= 0.1.1)
    marcel (1.0.2)
    matrix (0.4.2)
    method_source (1.0.0)
    mime-types (3.4.1)
      mime-types-data (~> 3.2015)
    mime-types-data (3.2022.0105)
    mini_magick (4.11.0)
    mini_mime (1.1.2)
    mini_portile2 (2.8.0)
    minitest (5.15.0)
    multi_json (1.15.0)
    net-imap (0.2.3)
      digest
      net-protocol
      strscan
    net-pop (0.1.1)
      digest
      net-protocol
      timeout
    net-protocol (0.1.3)
      timeout
    net-smtp (0.3.1)
      digest
      net-protocol
      timeout
    nio4r (2.5.8)
    nokogiri (1.13.6)
      mini_portile2 (~> 2.8.0)
      racc (~> 1.4)
    orm_adapter (0.5.0)
    pg (1.3.5)
    pikaday-gem (1.4.0)
      railties (>= 3.1)
    pry (0.14.1)
      coderay (~> 1.1)
      method_source (~> 1.0)
    pry-rails (0.3.9)
      pry (>= 0.10.4)
    public_suffix (4.0.7)
    racc (1.6.0)
    rack (2.2.3.1)
    rack-test (1.1.0)
      rack (>= 1.0, < 3)
    railroady (1.6.0)
    rails (7.0.3)
      actioncable (= 7.0.3)
      actionmailbox (= 7.0.3)
      actionmailer (= 7.0.3)
      actionpack (= 7.0.3)
      actiontext (= 7.0.3)
      actionview (= 7.0.3)
      activejob (= 7.0.3)
      activemodel (= 7.0.3)
      activerecord (= 7.0.3)
      activestorage (= 7.0.3)
      activesupport (= 7.0.3)
      bundler (>= 1.15.0)
      railties (= 7.0.3)
    rails-dom-testing (2.0.3)
      activesupport (>= 4.2.0)
      nokogiri (>= 1.6)
    rails-erd (1.7.0)
      activerecord (>= 4.2)
      activesupport (>= 4.2)
      choice (~> 0.2.0)
      ruby-graphviz (~> 1.2)
    rails-html-sanitizer (1.4.2)
      loofah (~> 2.3)
    rails_12factor (0.0.3)
      rails_serve_static_assets
      rails_stdout_logging
    rails_serve_static_assets (0.0.5)
    rails_stdout_logging (0.0.5)
    railties (7.0.3)
      actionpack (= 7.0.3)
      activesupport (= 7.0.3)
      method_source
      rake (>= 12.2)
      thor (~> 1.0)
      zeitwerk (~> 2.5)
    rake (13.0.6)
    rb-fsevent (0.11.1)
    rb-inotify (0.10.1)
      ffi (~> 1.0)
    regexp_parser (2.5.0)
    responders (3.0.1)
      actionpack (>= 5.0)
      railties (>= 5.0)
    rexml (3.2.5)
    rspec-core (3.11.0)
      rspec-support (~> 3.11.0)
    rspec-expectations (3.11.0)
      diff-lcs (>= 1.2.0, < 2.0)
      rspec-support (~> 3.11.0)
    rspec-mocks (3.11.1)
      diff-lcs (>= 1.2.0, < 2.0)
      rspec-support (~> 3.11.0)
    rspec-rails (5.1.2)
      actionpack (>= 5.2)
      activesupport (>= 5.2)
      railties (>= 5.2)
      rspec-core (~> 3.10)
      rspec-expectations (~> 3.10)
      rspec-mocks (~> 3.10)
      rspec-support (~> 3.10)
    rspec-support (3.11.0)
    ruby-graphviz (1.2.5)
      rexml
    ruby_parser (3.19.1)
      sexp_processor (~> 4.16)
    sass (3.7.4)
      sass-listen (~> 4.0.0)
    sass-listen (4.0.0)
      rb-fsevent (~> 0.9, >= 0.9.4)
      rb-inotify (~> 0.9, >= 0.9.7)
    sass-rails (6.0.0)
      sassc-rails (~> 2.1, >= 2.1.1)
    sassc (2.4.0)
      ffi (~> 1.9)
    sassc-rails (2.1.2)
      railties (>= 4.0.0)
      sassc (>= 2.0)
      sprockets (> 3.0)
      sprockets-rails
      tilt
    searchkick (5.0.3)
      activemodel (>= 5.2)
      hashie
    sexp_processor (4.16.1)
    shoulda-matchers (5.1.0)
      activesupport (>= 5.2.0)
    simple_form (5.1.0)
      actionpack (>= 5.2)
      activemodel (>= 5.2)
    spring (4.0.0)
    sprockets (4.0.3)
      concurrent-ruby (~> 1.0)
      rack (> 1, < 3)
    sprockets-es6 (0.9.2)
      babel-source (>= 5.8.11)
      babel-transpiler
      sprockets (>= 3.0.0)
    sprockets-rails (3.4.2)
      actionpack (>= 5.2)
      activesupport (>= 5.2)
      sprockets (>= 3.0.0)
    strscan (3.0.3)
    temple (0.8.2)
    thor (1.2.1)
    tilt (2.0.10)
    timeout (0.3.0)
    tzinfo (2.0.4)
      concurrent-ruby (~> 1.0)
    uglifier (4.2.0)
      execjs (>= 0.3.0, < 3)
    uniform_notifier (1.16.0)
    valid_attribute (2.0.0)
    warden (1.2.9)
      rack (>= 2.0.9)
    web-console (4.2.0)
      actionview (>= 6.0.0)
      activemodel (>= 6.0.0)
      bindex (>= 0.4.0)
      railties (>= 6.0.0)
    websocket-driver (0.7.5)
      websocket-extensions (>= 0.1.0)
    websocket-extensions (0.1.5)
    xpath (3.2.0)
      nokogiri (~> 1.8)
    zeitwerk (2.5.4)

PLATFORMS
  ruby

DEPENDENCIES
  active_model_serializers
  bullet
  capybara
  carrierwave
  carrierwave-crop
  coffee-rails
  devise
  dotenv-rails
  factory_girl
  fog-aws
  foundation-rails
  geocoder
  haml-rails
  jquery-rails
  jquery-tablesorter
  launchy
  mini_magick
  pg
  pikaday-gem
  pry-rails
  railroady
  rails (= 7.0.3)
  rails-erd
  rails_12factor
  rspec-rails
  sass-rails
  searchkick
  shoulda-matchers
  simple_form
  spring
  uglifier
  valid_attribute
  web-console

RUBY VERSION
   ruby 2.7.3p183

BUNDLED WITH
   1.16.2
